GEM
  remote: http://rubygems.org/
  specs:
    json (1.4.6)
    leftright (0.9.0)
    mustache (0.11.2)
    rack (1.2.1)
    rack-test (0.5.4)
      rack (>= 1.0)
    sinatra (1.0)
      rack (>= 1.0)

PLATFORMS
  ruby

DEPENDENCIES
  json
  leftright
  mustache
  rack-test
  sinatra
